FRAMEWORK: >= NET452
NUGET
  remote: http://api.nuget.org/v3/index.json
    Newtonsoft.Json (9.0.1)

GROUP Benchmark
FRAMEWORK: >= NET452
NUGET
  remote: http://api.nuget.org/v3/index.json
    BenchmarkDotNet (0.10)
      BenchmarkDotNet.Toolchains.Roslyn (>= 0.10)
    BenchmarkDotNet.Core (0.10)
      System.Threading.Tasks.Extensions (>= 4.0)
    BenchmarkDotNet.Toolchains.Roslyn (0.10)
      BenchmarkDotNet.Core (>= 0.10)
      Microsoft.CodeAnalysis.CSharp (>= 1.3.2)
      System.Threading.Tasks (>= 4.0)
    Microsoft.CodeAnalysis.Analyzers (1.1)
    Microsoft.CodeAnalysis.Common (1.3.2)
      Microsoft.CodeAnalysis.Analyzers (>= 1.1)
      System.AppContext (>= 4.1) - framework: >= net46
      System.Collections (>= 4.0.11) - framework: >= net46
      System.Collections.Concurrent (>= 4.0.12) - framework: >= net46
      System.Collections.Immutable (>= 1.1.37)
      System.Collections.Immutable (>= 1.2) - framework: >= net46
      System.Console (>= 4.0) - framework: >= net46
      System.Diagnostics.Debug (>= 4.0.11) - framework: >= net46
      System.Diagnostics.FileVersionInfo (>= 4.0) - framework: >= net46
      System.Diagnostics.StackTrace (>= 4.0.1) - framework: >= net46
      System.Diagnostics.Tools (>= 4.0.1) - framework: >= net46
      System.Dynamic.Runtime (>= 4.0.11) - framework: >= net46
      System.Globalization (>= 4.0.11) - framework: >= net46
      System.IO.FileSystem (>= 4.0.1) - framework: >= net46
      System.IO.FileSystem.Primitives (>= 4.0.1) - framework: >= net46
      System.Linq (>= 4.1) - framework: >= net46
      System.Linq.Expressions (>= 4.1) - framework: >= net46
      System.Reflection (>= 4.1) - framework: >= net46
      System.Reflection.Metadata (>= 1.2)
      System.Reflection.Metadata (>= 1.3) - framework: >= net46
      System.Reflection.Primitives (>= 4.0.1) - framework: >= net46
      System.Resources.ResourceManager (>= 4.0.1) - framework: >= net46
      System.Runtime (>= 4.1) - framework: >= net46
      System.Runtime.Extensions (>= 4.1) - framework: >= net46
      System.Runtime.Handles (>= 4.0.1) - framework: >= net46
      System.Runtime.InteropServices (>= 4.1) - framework: >= net46
      System.Runtime.Numerics (>= 4.0.1) - framework: >= net46
      System.Security.Cryptography.Algorithms (>= 4.2) - framework: >= net46
      System.Security.Cryptography.Encoding (>= 4.0) - framework: >= net46
      System.Security.Cryptography.X509Certificates (>= 4.1) - framework: >= net46
      System.Text.Encoding (>= 4.0.11) - framework: >= net46
      System.Text.Encoding.CodePages (>= 4.0.1) - framework: >= net46
      System.Text.Encoding.Extensions (>= 4.0.11) - framework: >= net46
      System.Threading (>= 4.0.11) - framework: >= net46
      System.Threading.Tasks (>= 4.0.11) - framework: >= net46
      System.Threading.Tasks.Parallel (>= 4.0.1) - framework: >= net46
      System.Threading.Thread (>= 4.0) - framework: >= net46
      System.Xml.ReaderWriter (>= 4.0.11) - framework: >= net46
      System.Xml.XDocument (>= 4.0.11) - framework: >= net46
      System.Xml.XmlDocument (>= 4.0.1) - framework: >= net46
      System.Xml.XPath.XDocument (>= 4.0.1) - framework: >= net46
    Microsoft.CodeAnalysis.CSharp (1.3.2)
      Microsoft.CodeAnalysis.Common (1.3.2)
    System.AppContext (4.3) - framework: >= net46
    System.Collections (4.3) - framework: >= net46
    System.Collections.Concurrent (4.3) - framework: >= net46
    System.Collections.Immutable (1.3)
    System.Console (4.3) - framework: >= net46
    System.Diagnostics.Debug (4.3) - framework: >= net46
    System.Diagnostics.FileVersionInfo (4.3) - framework: >= net46
    System.Diagnostics.StackTrace (4.3) - framework: >= net46
    System.Diagnostics.Tools (4.3) - framework: >= net46
    System.Dynamic.Runtime (4.3) - framework: >= net46
    System.Globalization (4.3) - framework: >= net46
    System.IO (4.3) - framework: >= net463
    System.IO.FileSystem (4.3) - framework: >= net46
      System.IO.FileSystem.Primitives (>= 4.3) - framework: >= net46
    System.IO.FileSystem.Primitives (4.3)
    System.Linq (4.3) - framework: >= net46
    System.Linq.Expressions (4.3) - framework: >= net46
    System.Reflection (4.3) - framework: >= net46
    System.Reflection.Metadata (1.4.1)
      System.Collections.Immutable (>= 1.3)
    System.Reflection.Primitives (4.3) - framework: >= net46
    System.Resources.ResourceManager (4.3) - framework: >= net46
    System.Runtime (4.3)
    System.Runtime.Extensions (4.3) - framework: >= net46
    System.Runtime.Handles (4.3) - framework: >= net46
    System.Runtime.InteropServices (4.3) - framework: >= net46
      System.Runtime (>= 4.3) - framework: >= net462
    System.Runtime.Numerics (4.3) - framework: >= net46
    System.Security.Cryptography.Algorithms (4.3)
      System.IO (>= 4.3) - framework: >= net463
      System.Runtime (>= 4.3) - framework: >= net463
      System.Security.Cryptography.Encoding (>= 4.3) - framework: >= net463
      System.Security.Cryptography.Primitives (>= 4.3) - framework: net46, net461, >= net463
    System.Security.Cryptography.Encoding (4.3)
    System.Security.Cryptography.Primitives (4.3) - framework: net46, net461, >= net463
    System.Security.Cryptography.X509Certificates (4.3) - framework: >= net46
      System.Security.Cryptography.Algorithms (>= 4.3) - framework: >= net46
      System.Security.Cryptography.Encoding (>= 4.3) - framework: >= net46
    System.Text.Encoding (4.3) - framework: >= net46
    System.Text.Encoding.CodePages (4.3) - framework: >= net46
    System.Text.Encoding.Extensions (4.3) - framework: >= net46
    System.Threading (4.3) - framework: >= net46
    System.Threading.Tasks (4.3)
    System.Threading.Tasks.Extensions (4.3)
    System.Threading.Tasks.Parallel (4.3) - framework: >= net46
    System.Threading.Thread (4.3) - framework: >= net46
    System.Xml.ReaderWriter (4.3) - framework: >= net46
    System.Xml.XDocument (4.3) - framework: >= net46
    System.Xml.XmlDocument (4.3) - framework: >= net46
    System.Xml.XPath (4.3) - framework: >= net46
    System.Xml.XPath.XDocument (4.3) - framework: >= net46
      System.Xml.XPath (>= 4.3) - framework: >= net46

GROUP Build
NUGET
  remote: http://api.nuget.org/v3/index.json
    FAKE (4.45.3)
    JetBrains.ReSharper.CommandLineTools (2016.2.20160913.100041)
    xunit.runner.console (2.1)

GROUP Test
FRAMEWORK: >= NET452
NUGET
  remote: http://api.nuget.org/v3/index.json
    ApiShape (1.0.11)
    ApprovalTests (3.0.13)
      ApprovalUtilities (>= 3.0.13)
    ApprovalUtilities (3.0.13)
    FluentAssertions (4.17)
    NCrunch.Framework (3.0.0.1)
    xunit (2.1)
      xunit.assert (2.1)
      xunit.core (2.1)
    xunit.abstractions (2.0)
    xunit.assert (2.1)
    xunit.core (2.1)
      xunit.extensibility.core (2.1)
      xunit.extensibility.execution (2.1)
    xunit.extensibility.core (2.1)
      xunit.abstractions (2.0)
    xunit.extensibility.execution (2.1)
      xunit.extensibility.core (2.1)
