FRAMEWORK: >= NET452
NUGET
  remote: https://api.nuget.org/v3/index.json
    Newtonsoft.Json (9.0.1)

GROUP Build
NUGET
  remote: https://api.nuget.org/v3/index.json
    FAKE (4.46.1)
    xunit.runner.console (2.1)

GROUP Test
FRAMEWORK: >= NET452
NUGET
  remote: https://api.nuget.org/v3/index.json
    FluentAssertions (4.18)
    xunit (2.1)
      xunit.assert (2.1)
      xunit.core (2.1)
    xunit.abstractions (2.0)
    xunit.assert (2.1)
    xunit.core (2.1)
      xunit.extensibility.core (2.1)
      xunit.extensibility.execution (2.1)
    xunit.extensibility.core (2.1)
      xunit.abstractions (2.0)
    xunit.extensibility.execution (2.1)
      xunit.extensibility.core (2.1)
